GEM
  remote: http://rubygems.org/
  specs:
    actionmailer (2.3.11)
      actionpack (= 2.3.11)
    actionpack (2.3.11)
      activesupport (= 2.3.11)
      rack (~> 1.1.0)
    activerecord (2.3.11)
      activesupport (= 2.3.11)
    activeresource (2.3.11)
      activesupport (= 2.3.11)
    activesupport (2.3.11)
    compass (0.8.17)
      haml (>= 2.2.0)
    compass-960-plugin (0.9.11)
      compass
    formtastic (1.2.3)
      actionpack (>= 2.3.7)
      activesupport (>= 2.3.7)
      i18n (~> 0.4)
    haml (2.2.23)
    has_scope (0.4)
    i18n (0.5.0)
    inherited_resources (1.0.2)
      has_scope (>= 0.4)
      responders (>= 0.4.2)
    kgio (2.3.3)
    mysql (2.8.1)
    pacecar (1.4.5)
    rack (1.1.2)
    rails (2.3.11)
      actionmailer (= 2.3.11)
      actionpack (= 2.3.11)
      activerecord (= 2.3.11)
      activeresource (= 2.3.11)
      activesupport (= 2.3.11)
      rake (>= 0.8.3)
    rake (0.8.7)
    responders (0.4.2)
    rmagick (2.12.2)
    sqlite3 (1.3.3)
    sqlite3-ruby (1.3.3)
      sqlite3 (>= 1.3.3)
    ttilley-aasm (2.1.1)
    ukrainian (2.6.0)
      i18n
    unicode (0.4.0)
    unicorn (3.3.1)
      kgio (~> 2.1)
      rack

PLATFORMS
  ruby

DEPENDENCIES
  compass (= 0.8.17)
  compass-960-plugin (= 0.9.11)
  formtastic
  haml (= 2.2.23)
  has_scope (= 0.4)
  i18n
  inherited_resources (= 1.0.2)
  mysql
  pacecar
  rails (~> 2.3.5)
  responders (= 0.4.2)
  rmagick (= 2.12.2)
  sqlite3-ruby
  ttilley-aasm
  ukrainian
  unicode
  unicorn (~> 3.3.1)
